PATH
  remote: .
  specs:
    prettier (0.13.0)

GEM
  remote: https://rubygems.org/
  specs:
    minitest (5.11.3)
    rake (12.3.2)

PLATFORMS
  ruby

DEPENDENCIES
  bundler (~> 2.0)
  minitest (~> 5.11)
  prettier!
  rake (~> 12.3)

BUNDLED WITH
   2.1.0.pre.1
